GEM
  remote: https://rubygems.org/
  specs:
    activesupport (4.0.0)
      i18n (~> 0.6, >= 0.6.4)
      minitest (~> 4.2)
      multi_json (~> 1.3)
      thread_safe (~> 0.1)
      tzinfo (~> 0.3.37)
    atomic (1.1.14)
    daemons (1.1.9)
    eventmachine (1.0.3)
    ffi (1.9.0)
    i18n (0.6.5)
    librmpd (0.1.1)
    minitest (4.7.5)
    multi_json (1.8.0)
    pi_piper (1.3.1)
      ffi
    robustserver (0.0.3)
    ruby-mpd (0.2.4)
    thread_safe (0.1.3)
      atomic
    tzinfo (0.3.37)

PLATFORMS
  ruby

DEPENDENCIES
  activesupport
  daemons
  eventmachine
  librmpd
  pi_piper
  robustserver
  ruby-mpd
